GEM
  remote: http://rubygems.org/
  specs:
    rake (10.1.1)
    sass (3.3.2)
      rake

PLATFORMS
  ruby

DEPENDENCIES
  sass (>= 3.3)
